PATH
  remote: .
  specs:
    rowdb (0.1.4)
      oj
      rudash

GEM
  remote: https://rubygems.org/
  specs:
    oj (3.10.8)
    rudash (4.1.1)

PLATFORMS
  ruby

DEPENDENCIES
  rowdb!

BUNDLED WITH
   2.1.4
