PATH
  remote: .
  specs:
    rowdb (0.6.4)
      oj
      rudash

GEM
  remote: https://rubygems.org/
  specs:
    oj (3.11.1)
    reflekt (0.1.3)
      rowdb
    rudash (4.1.2)

PLATFORMS
  ruby

DEPENDENCIES
  reflekt
  rowdb!

BUNDLED WITH
   2.2.6
